GEM
  remote: https://rubygems.org/
  specs:
    bson (4.2.2)
    coderay (1.1.2)
    method_source (0.8.2)
    mini_portile2 (2.3.0)
    mongo (2.4.3)
      bson (>= 4.2.1, < 5.0.0)
    mustermann (1.0.1)
    nokogiri (1.8.1)
      mini_portile2 (~> 2.3.0)
    pry (0.10.4)
      coderay (~> 1.1.0)
      method_source (~> 0.8.1)
      slop (~> 3.4)
    rack (2.0.3)
    rack-protection (2.0.0)
      rack
    sinatra (2.0.0)
      mustermann (~> 1.0)
      rack (~> 2.0)
      rack-protection (= 2.0.0)
      tilt (~> 2.0)
    slop (3.6.0)
    tilt (2.0.8)
    yaml2sql (0.1.0)

PLATFORMS
  ruby

DEPENDENCIES
  mongo
  nokogiri (~> 1.8.1)
  pry
  sinatra
  yaml2sql

BUNDLED WITH
   1.16.0
